GEM
  remote: https://rubygems.org/
  specs:
    CFPropertyList (2.3.6)
    apipie-bindings (0.2.2)
      json (>= 1.2.1)
      oauth
      rest-client (>= 1.6.5, < 3.0.0)
    domain_name (0.5.20180417)
      unf (>= 0.0.5, < 1.0.0)
    facter (2.5.1)
      CFPropertyList (~> 2.2)
    fast_gettext (1.1.2)
    git (1.3.0)
    github-markup (2.0.0)
    hiera (3.4.3)
    http-cookie (1.0.3)
      domain_name (~> 0.5)
    json (2.1.0)
    locale (2.1.2)
    logger-colors (1.0.0)
    mime-types (3.1)
      mime-types-data (~> 3.2015)
    mime-types-data (3.2016.0521)
    multi_json (1.13.1)
    net-ssh (4.2.0)
    netrc (0.11.0)
    oauth (0.5.4)
    puppet (5.5.1)
      CFPropertyList (~> 2.2)
      facter (> 2.0.1, < 4)
      fast_gettext (~> 1.1.2)
      hiera (>= 3.2.1, < 4)
      locale (~> 2.1)
      multi_json (~> 1.10)
    puppet-lint (2.3.5)
    puppet-strings (2.0.0)
      rgen
      yard (~> 0.9.20)
    puppet-syntax (2.4.1)
      rake
    rake (12.3.1)
    redcarpet (3.4.0)
    rest-client (2.0.2)
      http-cookie (>= 1.0.2, < 2.0)
      mime-types (>= 1.16, < 4.0)
      netrc (~> 0.8)
    rgen (0.8.2)
    unf (0.1.4)
      unf_ext
    unf_ext (0.0.7.5)
    yard (0.9.12)

PLATFORMS
  ruby

DEPENDENCIES
  apipie-bindings
  git
  github-markup
  logger-colors (~> 1.0)
  net-ssh
  puppet
  puppet-lint
  puppet-strings
  puppet-syntax
  rake
  redcarpet
  yard

BUNDLED WITH
   1.13.6
